GEM
  remote: https://rubygems.org/
  specs:
    json (1.8.1)
    rainbow (2.0.0)
    sass (3.4.5)
    scss-lint (0.28.0)
      rainbow (~> 2.0)
      sass (~> 3.4.0)
    watson-ruby (1.5.1)
      json

PLATFORMS
  ruby

DEPENDENCIES
  sass
  scss-lint
  watson-ruby
